GEM
  remote: http://rubygems.org/
  specs:
    colorize (0.7.0)
    mini_portile (0.5.2)
    nokogiri (1.6.1)
      mini_portile (~> 0.5.0)

PLATFORMS
  ruby

DEPENDENCIES
  colorize
  nokogiri
